PATH
  remote: .
  specs:
    photo (0.0.1)
      gli (= 2.5.6)
      rainbow
      ruby-progressbar

GEM
  remote: http://rubygems.org/
  specs:
    diff-lcs (1.2.2)
    gli (2.5.6)
    json (1.7.7)
    rainbow (1.1.4)
    rake (10.0.4)
    rdoc (4.0.1)
      json (~> 1.4)
    rspec (2.13.0)
      rspec-core (~> 2.13.0)
      rspec-expectations (~> 2.13.0)
      rspec-mocks (~> 2.13.0)
    rspec-core (2.13.1)
    rspec-expectations (2.13.0)
      diff-lcs (>= 1.1.3, < 2.0)
    rspec-mocks (2.13.1)
    ruby-progressbar (1.0.2)

PLATFORMS
  ruby

DEPENDENCIES
  photo!
  rainbow
  rake
  rdoc
  rspec
  ruby-progressbar
