PATH
  remote: .
  specs:
    photo (0.0.1)
      rainbow
      ruby-progressbar

GEM
  remote: https://rubygems.org/
  specs:
    diff-lcs (1.2.2)
    rainbow (1.1.4)
    rake (10.0.4)
    rspec (2.13.0)
      rspec-core (~> 2.13.0)
      rspec-expectations (~> 2.13.0)
      rspec-mocks (~> 2.13.0)
    rspec-core (2.13.1)
    rspec-expectations (2.13.0)
      diff-lcs (>= 1.1.3, < 2.0)
    rspec-mocks (2.13.1)
    ruby-progressbar (1.0.2)
    thor (0.18.1)

PLATFORMS
  ruby

DEPENDENCIES
  photo!
  rainbow
  rake
  rspec
  ruby-progressbar
  thor
